PATH
  remote: .
  specs:
    ghoul (0.0.1)
      coderay
      georgedrummond_sinatra_helpers
      ghoul_grack (= 0.0.1)
      ghoul_guides (= 0.0.2)
      grit
      haml
      rack-tunnel
      redcarpet
      sass
      sinatra

GEM
  remote: http://rubygems.org/
  specs:
    coderay (1.0.1)
    diff-lcs (1.1.3)
    georgedrummond_sinatra_helpers (0.0.7)
    ghoul_grack (0.0.1)
    ghoul_guides (0.0.2)
      georgedrummond_sinatra_helpers
      haml
      sass
      sinatra
    grit (2.4.1)
      diff-lcs (~> 1.1)
      mime-types (~> 1.15)
    haml (3.1.3)
    mime-types (1.16)
    open4 (1.2.0)
    rack (1.3.5)
    rack-protection (1.1.4)
      rack
    rack-tunnel (0.1.1)
      open4
      rack
    redcarpet (1.17.2)
    sass (3.1.10)
    sinatra (1.3.1)
      rack (~> 1.3, >= 1.3.4)
      rack-protection (~> 1.1, >= 1.1.2)
      tilt (~> 1.3, >= 1.3.3)
    tilt (1.3.3)

PLATFORMS
  ruby

DEPENDENCIES
  ghoul!
