PATH
  remote: .
  specs:
    ghoul (0.0.3)
      coderay
      georgedrummond_sinatra_helpers
      ghoul_grack (= 0.0.1)
      grit
      redcarpet
      sass
      sinatra (= 1.3.1)

GEM
  remote: http://rubygems.org/
  specs:
    coderay (1.0.1)
    diff-lcs (1.1.3)
    georgedrummond_sinatra_helpers (0.0.7)
    ghoul_grack (0.0.1)
    grit (2.4.1)
      diff-lcs (~> 1.1)
      mime-types (~> 1.15)
    mime-types (1.17.1)
    rack (1.3.5)
    rack-protection (1.1.4)
      rack
    redcarpet (1.17.2)
    sass (3.1.10)
    sinatra (1.3.1)
      rack (~> 1.3, >= 1.3.4)
      rack-protection (~> 1.1, >= 1.1.2)
      tilt (~> 1.3, >= 1.3.3)
    tilt (1.3.3)

PLATFORMS
  ruby

DEPENDENCIES
  ghoul!
